PATH
  remote: .
  specs:
    lorem_ipsum_text (0.0.5)

GEM
  remote: https://rubygems.org/
  specs:
    rake (10.5.0)

PLATFORMS
  ruby

DEPENDENCIES
  bundler (~> 1.16)
  lorem_ipsum_text!
  rake (~> 10.0)

BUNDLED WITH
   1.16.2
